GEM
  remote: https://rubygems.org/
  specs:
    benchmark-ips (2.2.0)
    domain_name (0.5.24)
      unf (>= 0.0.5, < 1.0.0)
    elasticsearch (1.0.11)
      elasticsearch-api (= 1.0.11)
      elasticsearch-transport (= 1.0.11)
    elasticsearch-api (1.0.11)
      multi_json
    elasticsearch-transport (1.0.11)
      faraday
      multi_json
    faraday (0.9.1)
      multipart-post (>= 1.2, < 3)
    http-cookie (1.0.2)
      domain_name (~> 0.5)
    little-plugger (1.1.3)
    logging (1.8.2)
      little-plugger (>= 1.1.3)
      multi_json (>= 1.8.4)
    mime-types (2.6.1)
    multi_json (1.11.0)
    multipart-post (2.0.0)
    netrc (0.10.3)
    rest-client (1.8.0)
      http-cookie (>= 1.0.2, < 2.0)
      mime-types (>= 1.16, < 3.0)
      netrc (~> 0.7)
    ruby-druid (0.1.9)
      rest-client
      zk
    unf (0.1.4)
      unf_ext
    unf_ext (0.0.7.1)
    zk (1.9.5)
      logging (~> 1.8.2)
      zookeeper (~> 1.4.0)
    zookeeper (1.4.10)

PLATFORMS
  ruby

DEPENDENCIES
  benchmark-ips
  elasticsearch
  ruby-druid
