GEM
  remote: https://rubygems.org/
  specs:
    benchmark-ips (2.2.0)
    elasticsearch (1.0.11)
      elasticsearch-api (= 1.0.11)
      elasticsearch-transport (= 1.0.11)
    elasticsearch-api (1.0.11)
      multi_json
    elasticsearch-transport (1.0.11)
      faraday
      multi_json
    faraday (0.9.1)
      multipart-post (>= 1.2, < 3)
    humanize (1.1.0)
    influxdb (0.1.8)
      json
    json (1.8.2)
    multi_json (1.11.0)
    multipart-post (2.0.0)

PLATFORMS
  ruby

DEPENDENCIES
  benchmark-ips
  elasticsearch
  humanize
  influxdb
